GIT
  remote: https://github.com/traject-project/traject.git
  revision: 06e4caad980c07c4bb0966f84398518085ec6c87
  tag: v2.0.0.rc.1
  specs:
    traject (2.0.0.rc.1)
      concurrent-ruby (>= 0.8.0)
      dot-properties (>= 0.1.1)
      hashie (~> 3.1)
      httpclient (~> 2.5)
      marc (~> 1.0)
      slop (>= 3.4.5, < 4.0)
      yell
    traject (2.0.0.rc.1-java)
      concurrent-ruby (>= 0.8.0)
      dot-properties (>= 0.1.1)
      hashie (~> 3.1)
      httpclient (~> 2.5)
      marc (~> 1.0)
      slop (>= 3.4.5, < 4.0)
      traject-marc4j_reader (~> 1.0)
      yell

GEM
  remote: https://rubygems.org/
  specs:
    byebug (9.0.5)
    concurrent-ruby (0.8.0)
      ref (~> 1.0, >= 1.0.5)
    concurrent-ruby (0.8.0-java)
    diff-lcs (1.2.5)
    dot-properties (0.1.3)
    hashie (3.4.2)
    httpclient (2.6.0.1)
    marc (1.0.0)
      scrub_rb (>= 1.0.1, < 2)
      unf
    marc-marc4j (1.0.0-java)
      marc (~> 1)
    ref (1.0.5)
    rspec (3.2.0)
      rspec-core (~> 3.2.0)
      rspec-expectations (~> 3.2.0)
      rspec-mocks (~> 3.2.0)
    rspec-core (3.2.3)
      rspec-support (~> 3.2.0)
    rspec-expectations (3.2.1)
      diff-lcs (>= 1.2.0, < 2.0)
      rspec-support (~> 3.2.0)
    rspec-mocks (3.2.1)
      diff-lcs (>= 1.2.0, < 2.0)
      rspec-support (~> 3.2.0)
    rspec-support (3.2.2)
    scrub_rb (1.0.1)
    slop (3.6.0)
    traject-marc4j_reader (1.0.2-java)
      marc (~> 1.0)
      marc-marc4j (~> 1.0)
    unf (0.1.4)
      unf_ext
    unf (0.1.4-java)
    unf_ext (0.0.7.2)
    yell (2.0.5)

PLATFORMS
  java
  ruby

DEPENDENCIES
  byebug
  marc
  rspec
  traject!

BUNDLED WITH
   1.12.5
